GIT
  remote: git://github.com/secoint/spree.git
  revision: 485dbc31278e1004f80484f51ef9c85c2fc9df83
  branch: 0-70-stable
  specs:
    spree (0.70.7)
      spree_api (= 0.70.7)
      spree_auth (= 0.70.7)
      spree_core (= 0.70.7)
      spree_dash (= 0.70.7)
      spree_promo (= 0.70.7)
      spree_sample (= 0.70.7)
    spree_api (0.70.7)
      spree_auth (= 0.70.7)
      spree_core (= 0.70.7)
    spree_auth (0.70.7)
      cancan (= 1.6.5)
      devise (= 1.4.7)
      spree_core (= 0.70.7)
    spree_core (0.70.7)
      activemerchant (= 1.17.0)
      acts_as_list (= 0.1.4)
      deface (>= 0.7.0)
      faker (= 1.0.0)
      highline (= 1.6.2)
      jquery-rails (>= 1.0.14)
      kaminari (>= 0.12.4)
      meta_search (= 1.1.1)
      nested_set (= 1.6.8)
      paperclip (= 2.5.0)
      rails (~> 3.1.10)
      rd_find_by_param (= 0.1.1)
      rd_resource_controller
      state_machine (= 1.0.1)
      stringex (= 1.3.0)
    spree_dash (0.70.7)
      spree_core (= 0.70.7)
    spree_promo (0.70.7)
      spree_auth (= 0.70.7)
      spree_core (= 0.70.7)
    spree_sample (0.70.7)
      spree_core (= 0.70.7)

GIT
  remote: git://github.com/secoint/spree_i18n.git
  revision: 5466241b9f4fd730874faca2c07d2f501b38eb5b
  specs:
    spree_i18n (1.0.0)
      spree_core (>= 0.30.0)

GIT
  remote: git://github.com/secoint/synergy.git
  revision: 9b70bb6aa0dc92af01aa1ceb5d56f20be0d6fdfd
  branch: 0-70-stable
  specs:
    synergy (0.70.7)
      json (>= 1.5)
      nokogiri (~> 1.5)
      ru_propisju (~> 1.1.0)
      spree (~> 0.70.7)
      spree_address_book (~> 0.70.0)
      spree_dynamic_sitemaps (~> 0.50.1)
      spree_editor (~> 0.70.0)
      spree_online_support (~> 0.70.0)
      spree_static_content (~> 0.70.0)
      synergy_mainpay (~> 0.70.1)
      synergy_russian (= 0.2.8)

GIT
  remote: https://github.com/romul/synergy_default_theme.git
  revision: 1952f220bfbaed446d840a8721fe9ce636ad859e
  branch: 0-70-x
  specs:
    synergy_default_theme (1.0.2)
      dalli (~> 1.0.3)
      synergy

GIT
  remote: https://github.com/spree/spree_static_content.git
  revision: f3cc3403efbb4a47c75f548eb1b261a9493ab03a
  branch: 0-70-stable
  specs:
    spree_static_content (0.70.3)
      formtastic
      spree_auth (>= 0.70.1)
      spree_core (>= 0.70.1)

GEM
  remote: http://rubygems.org/
  specs:
    actionmailer (3.1.10)
      actionpack (= 3.1.10)
      mail (~> 2.3.3)
    actionpack (3.1.10)
      activemodel (= 3.1.10)
      activesupport (= 3.1.10)
      builder (~> 3.0.0)
      erubis (~> 2.7.0)
      i18n (~> 0.6)
      rack (~> 1.3.6)
      rack-cache (~> 1.2)
      rack-mount (~> 0.8.2)
      rack-test (~> 0.6.1)
      sprockets (~> 2.0.4)
    activemerchant (1.17.0)
      activesupport (>= 2.3.11)
      braintree (>= 2.0.0)
      builder (>= 2.0.0)
      json (>= 1.5.1)
    activemodel (3.1.10)
      activesupport (= 3.1.10)
      builder (~> 3.0.0)
      i18n (~> 0.6)
    activerecord (3.1.10)
      activemodel (= 3.1.10)
      activesupport (= 3.1.10)
      arel (~> 2.2.3)
      tzinfo (~> 0.3.29)
    activeresource (3.1.10)
      activemodel (= 3.1.10)
      activesupport (= 3.1.10)
    activesupport (3.1.10)
      multi_json (>= 1.0, < 1.3)
    acts_as_list (0.1.4)
    arel (2.2.3)
    bcrypt-ruby (3.0.1)
    braintree (2.23.0)
      builder (>= 2.0.0)
    builder (3.0.4)
    cancan (1.6.5)
    climate_control (0.0.3)
      activesupport (>= 3.0)
    cocaine (0.5.1)
      climate_control (>= 0.0.3, < 1.0)
    coffee-rails (3.1.1)
      coffee-script (>= 2.2.0)
      railties (~> 3.1.0)
    coffee-script (2.2.0)
      coffee-script-source
      execjs
    coffee-script-source (1.6.2)
    dalli (1.0.5)
    deface (0.9.1)
      nokogiri (~> 1.5.0)
      rails (~> 3.1)
    devise (1.4.7)
      bcrypt-ruby (~> 3.0)
      orm_adapter (~> 0.0.3)
      warden (~> 1.0.3)
    erubis (2.7.0)
    execjs (1.4.0)
      multi_json (~> 1.0)
    faker (1.0.0)
      i18n (~> 0.4)
    formtastic (2.2.1)
      actionpack (>= 3.0)
    highline (1.6.2)
    hike (1.2.3)
    i18n (0.6.4)
    jquery-rails (3.0.1)
      railties (>= 3.0, < 5.0)
      thor (>= 0.14, < 2.0)
    json (1.8.0)
    kaminari (0.14.1)
      actionpack (>= 3.0.0)
      activesupport (>= 3.0.0)
    mail (2.3.3)
      i18n (>= 0.4.0)
      mime-types (~> 1.16)
      treetop (~> 1.4.8)
    meta_search (1.1.1)
      actionpack (~> 3.1.0)
      activerecord (~> 3.1.0)
      activesupport (~> 3.1.0)
      polyamorous (~> 0.5.0)
    mime-types (1.23)
    multi_json (1.2.0)
    mysql2 (0.3.11)
    nested_set (1.6.8)
      activerecord (>= 3.0.0)
      railties (>= 3.0.0)
    nokogiri (1.5.10)
    orm_adapter (0.0.7)
    paperclip (2.5.0)
      activerecord (>= 2.3.0)
      activesupport (>= 2.3.2)
      cocaine (>= 0.0.2)
      mime-types
    polyamorous (0.5.0)
      activerecord (~> 3.0)
    polyglot (0.3.3)
    rack (1.3.10)
    rack-cache (1.2)
      rack (>= 0.4)
    rack-mount (0.8.3)
      rack (>= 1.0.0)
    rack-ssl (1.3.3)
      rack
    rack-test (0.6.2)
      rack (>= 1.0)
    rails (3.1.10)
      actionmailer (= 3.1.10)
      actionpack (= 3.1.10)
      activerecord (= 3.1.10)
      activeresource (= 3.1.10)
      activesupport (= 3.1.10)
      bundler (~> 1.0)
      railties (= 3.1.10)
    railties (3.1.10)
      actionpack (= 3.1.10)
      activesupport (= 3.1.10)
      rack-ssl (~> 1.3.2)
      rake (>= 0.8.7)
      rdoc (~> 3.4)
      thor (~> 0.14.6)
    rake (10.0.4)
    rd_find_by_param (0.1.1)
      activerecord (~> 3.0)
      activesupport (~> 3.0)
    rd_resource_controller (1.0.1)
    rdoc (3.12.2)
      json (~> 1.4)
    ru_propisju (1.1.0)
    sass (3.2.9)
    sass-rails (3.1.7)
      actionpack (~> 3.1.0)
      railties (~> 3.1.0)
      sass (>= 3.1.10)
      tilt (~> 1.3.2)
    spree_address_book (0.70.0)
      spree_auth (~> 0.70.0)
      spree_core (~> 0.70.0)
    spree_dynamic_sitemaps (0.50.1)
    spree_editor (0.70.0)
      spree_core (>= 0.70.0)
      tinymce-rails (>= 3.4.7)
    spree_online_support (0.70.0)
      spree_core (>= 0.70.0)
    sprockets (2.0.4)
      hike (~> 1.2)
      rack (~> 1.0)
      tilt (~> 1.1, != 1.3.0)
    state_machine (1.0.1)
    stringex (1.3.0)
    synergy_mainpay (0.70.1)
      spree_core (>= 0.70.1)
    synergy_russian (0.2.8)
    thor (0.14.6)
    tilt (1.3.7)
    tinymce-rails (3.5.8.2)
      railties (>= 3.1.1)
    treetop (1.4.14)
      polyglot
      polyglot (>= 0.3.1)
    tzinfo (0.3.37)
    uglifier (2.1.1)
      execjs (>= 0.3.0)
      multi_json (~> 1.0, >= 1.0.2)
    warden (1.0.6)
      rack (>= 1.0)

PLATFORMS
  ruby

DEPENDENCIES
  coffee-rails (~> 3.1.1)
  mysql2 (~> 0.3.11)
  rails (= 3.1.10)
  sass-rails (~> 3.1.5)
  spree!
  spree_i18n!
  spree_static_content!
  synergy!
  synergy_default_theme!
  uglifier (>= 1.0.3)
